PATH
  remote: .
  specs:
    diego_ruby_gem (0.1.0)

GEM
  remote: https://rubygems.org/
  specs:
    ast (2.4.2)
    parallel (1.20.1)
    parser (3.2.2.4)
      ast (~> 2.4.1)
      racc
    racc (1.5.2)
    rainbow (3.1.1)
    rake (13.1.0)
    regexp_parser (2.8.3)
    rexml (3.2.5)
    rubocop (0.93.1)
      parallel (~> 1.10)
      parser (>= 2.7.1.5)
      rainbow (>= 2.2.2, < 4.0)
      regexp_parser (>= 1.8)
      rexml
      rubocop-ast (>= 0.6.0)
      ruby-progressbar (~> 1.7)
      unicode-display_width (>= 1.4.0, < 2.0)
    rubocop-ast (1.4.1)
      parser (>= 2.7.1.5)
    ruby-progressbar (1.13.0)
    unicode-display_width (1.8.0)

PLATFORMS
  ruby
  x86_64-darwin-19

DEPENDENCIES
  diego_ruby_gem!
  rake (~> 13.0)
  rubocop (~> 0.80)

BUNDLED WITH
   2.2.0
